GEM
  remote: https://www.rubygems.org/
  specs:
    gosu (1.4.3)
    rake (13.0.6)

PLATFORMS
  arm-linux-androideabi

DEPENDENCIES
  gosu
  rake

BUNDLED WITH
   2.3.24
